PATH
  remote: .
  specs:
    rulers (0.5.8.alpha)
      erubis
      multi_json

GEM
  remote: https://rubygems.org/
  specs:
    byebug (11.1.3)
    erubis (2.7.0)
    multi_json (1.15.0)
    power_assert (2.0.1)
    rack (2.2.3)
    rack-test (1.1.0)
      rack (>= 1.0, < 3)
    rake (13.0.6)
    test-unit (3.4.4)
      power_assert

PLATFORMS
  x86_64-darwin-20

DEPENDENCIES
  byebug
  rack-test
  rake (~> 13.0)
  rulers!
  test-unit (~> 3.0)

BUNDLED WITH
   2.2.26
